GEM
  remote: http://rubygems.org/
  specs:
    coderay (1.1.0)
    diff-lcs (1.2.5)
    ethon (0.8.0)
      ffi (>= 1.3.0)
    ffi (1.9.10)
    method_source (0.8.2)
    pry (0.10.3)
      coderay (~> 1.1.0)
      method_source (~> 0.8.1)
      slop (~> 3.4)
    pry-nav (0.2.4)
      pry (>= 0.9.10, < 0.11.0)
    rake (10.1.1)
    redcarpet (3.0.0)
    rspec (2.14.1)
      rspec-core (~> 2.14.0)
      rspec-expectations (~> 2.14.0)
      rspec-mocks (~> 2.14.0)
    rspec-core (2.14.7)
    rspec-expectations (2.14.4)
      diff-lcs (>= 1.1.3, < 2.0)
    rspec-mocks (2.14.4)
    slop (3.6.0)
    typhoeus (0.8.0)
      ethon (>= 0.8.0)
    yard (0.8.7.3)

PLATFORMS
  ruby

DEPENDENCIES
  bundler
  pry
  pry-nav
  rake
  redcarpet
  rspec (~> 2.14)
  typhoeus (~> 0.8)
  yard
