GEM
  remote: http://rubygems.org/
  specs:
    diff-lcs (1.2.5)
    ethon (0.7.1)
      ffi (>= 1.3.0)
    ffi (1.9.6)
    rake (10.1.1)
    redcarpet (3.0.0)
    rspec (2.14.1)
      rspec-core (~> 2.14.0)
      rspec-expectations (~> 2.14.0)
      rspec-mocks (~> 2.14.0)
    rspec-core (2.14.7)
    rspec-expectations (2.14.4)
      diff-lcs (>= 1.1.3, < 2.0)
    rspec-mocks (2.14.4)
    typhoeus (0.6.9)
      ethon (>= 0.7.1)
    yard (0.8.7.3)

PLATFORMS
  ruby

DEPENDENCIES
  bundler
  rake
  redcarpet
  rspec (~> 2.14.1)
  typhoeus (~> 0.6.9)
  yard
